GEM
  remote: https://rubygems.org/
  specs:
    amq-protocol (2.3.0)
    bunny (2.14.1)
      amq-protocol (~> 2.3, >= 2.3.0)
    concurrent-ruby (1.1.5)

PLATFORMS
  ruby

DEPENDENCIES
  bunny (>= 2.9.2)
  concurrent-ruby

BUNDLED WITH
   1.13.6
